GEM
  remote: https://rubygems.org/
  specs:
    activemodel (4.2.7.1)
      activesupport (= 4.2.7.1)
      builder (~> 3.1)
    activerecord (4.2.7.1)
      activemodel (= 4.2.7.1)
      activesupport (= 4.2.7.1)
      arel (~> 6.0)
    activesupport (4.2.7.1)
      i18n (~> 0.7)
      json (~> 1.7, >= 1.7.7)
      minitest (~> 5.1)
      thread_safe (~> 0.3, >= 0.3.4)
      tzinfo (~> 1.1)
    arel (6.0.3)
    builder (3.2.2)
    commander (4.4.0)
      highline (~> 1.7.2)
    ethon (0.9.1)
      ffi (>= 1.3.0)
    ffi (1.9.14)
    highline (1.7.8)
    i18n (0.7.0)
    json (1.8.3)
    kramdown (1.12.0)
    mangdown (0.14.0)
      nokogiri (~> 1.6.0)
      progress_bar (~> 1.0.3)
      ruby-filemagic
      rubyzip (~> 1.1.0)
      typhoeus (~> 0.7.1)
    mini_portile2 (2.1.0)
    minitest (5.9.1)
    nokogiri (1.6.8.1)
      mini_portile2 (~> 2.1.0)
    options (2.3.2)
    pg (0.19.0)
    progress_bar (1.0.5)
      highline (~> 1.6)
      options (~> 2.3.0)
    rpub (0.5.0)
      builder
      commander
      kramdown
      nokogiri
      rubyzip
      textstats
      typogruby
    ruby-filemagic (0.7.1)
    rubypants (0.6.0)
    rubyzip (1.1.7)
    textstats (0.0.2)
    thread_safe (0.3.5)
    typhoeus (0.7.3)
      ethon (>= 0.7.4)
    typogruby (1.0.18)
      rubypants
    tzinfo (1.2.2)
      thread_safe (~> 0.1)

PLATFORMS
  ruby

DEPENDENCIES
  activerecord
  mangdown (~> 0.14)
  pg
  rpub

BUNDLED WITH
   1.12.5
